PATH
  remote: .
  specs:
    spreadsheet_exporter (0.1.1)
      write_xlsx

GEM
  remote: https://rubygems.org/
  specs:
    rubyzip (1.1.7)
    write_xlsx (0.83.0)
      rubyzip (>= 1.0.0)
      zip-zip
    zip-zip (0.3)
      rubyzip (>= 1.0.0)

PLATFORMS
  ruby

DEPENDENCIES
  spreadsheet_exporter!

BUNDLED WITH
   1.10.4
